GEM
  remote: https://rubygems.org/
  specs:
    minitest (5.24.0)
    rake (13.1.0)

PLATFORMS
  arm64-darwin-23
  ruby

DEPENDENCIES
  minitest
  rake

BUNDLED WITH
   2.5.14
